PATH
  remote: .
  specs:
    quber (0.1.0)
      net-http-persistent (~> 3.1.0)

GEM
  remote: https://rubygems.org/
  specs:
    connection_pool (2.2.5)
    minitest (5.14.4)
    net-http-persistent (3.1.0)
      connection_pool (~> 2.2)
    rake (12.3.3)

PLATFORMS
  ruby

DEPENDENCIES
  minitest (~> 5.0)
  quber!
  rake (~> 12.0)

BUNDLED WITH
   2.1.4
